GEM
  remote: https://rubygems.org/
  specs:
    dino (0.11.2)
      serialport
    serialport (1.3.0)

PLATFORMS
  ruby

DEPENDENCIES
  dino
